GEM
  remote: https://rubygems.org/
  specs:
    amq-protocol (1.9.2)
    bagit (0.3.2)
      docopt (~> 0.5.0)
      validatable (~> 1.6)
    bunny (1.4.1)
      amq-protocol (>= 1.9.2)
    diff-lcs (1.2.5)
    docopt (0.5.0)
    rspec (3.1.0)
      rspec-core (~> 3.1.0)
      rspec-expectations (~> 3.1.0)
      rspec-mocks (~> 3.1.0)
    rspec-core (3.1.5)
      rspec-support (~> 3.1.0)
    rspec-expectations (3.1.2)
      diff-lcs (>= 1.2.0, < 2.0)
      rspec-support (~> 3.1.0)
    rspec-mocks (3.1.2)
      rspec-support (~> 3.1.0)
    rspec-support (3.1.1)
    rubyzip (1.1.6)
    validatable (1.6.7)

PLATFORMS
  ruby

DEPENDENCIES
  bagit
  bunny
  rspec
  rubyzip
